PATH
  remote: .
  specs:
    carthage_remote_cache (0.0.13)
      concurrent-ruby (~> 1.0.5)
      rack (>= 2.0.6, < 3.2.0)
      rest-client (~> 2.0.2)
      sinatra (>= 2.0.4, < 3.1.0)

GEM
  remote: https://rubygems.org/
  specs:
    coderay (1.1.3)
    concurrent-ruby (1.0.5)
    domain_name (0.6.20240107)
    ffi (1.16.3)
    formatador (1.1.0)
    guard (2.14.2)
      formatador (>= 0.2.4)
      listen (>= 2.7, < 4.0)
      lumberjack (>= 1.0.12, < 2.0)
      nenv (~> 0.1)
      notiffany (~> 0.0)
      pry (>= 0.9.12)
      shellany (~> 0.0)
      thor (>= 0.18.1)
    guard-compat (1.2.1)
    guard-test (2.0.8)
      guard-compat (~> 1.2)
      test-unit (~> 3.0)
    http-cookie (1.0.5)
      domain_name (~> 0.5)
    listen (3.9.0)
      rb-fsevent (~> 0.10, >= 0.10.3)
      rb-inotify (~> 0.9, >= 0.9.10)
    lumberjack (1.2.10)
    metaclass (0.0.4)
    method_source (1.1.0)
    mime-types (3.5.2)
      mime-types-data (~> 3.2015)
    mime-types-data (3.2024.0305)
    mocha (1.3.0)
      metaclass (~> 0.0.1)
    mustermann (3.0.0)
      ruby2_keywords (~> 0.0.1)
    nenv (0.3.0)
    netrc (0.11.0)
    notiffany (0.1.3)
      nenv (~> 0.1)
      shellany (~> 0.0)
    power_assert (2.0.3)
    pry (0.14.2)
      coderay (~> 1.1)
      method_source (~> 1.0)
    rack (2.2.14)
    rack-protection (3.0.6)
      rack
    rake (13.2.1)
    rb-fsevent (0.11.2)
    rb-inotify (0.10.1)
      ffi (~> 1.0)
    rerun (0.14.0)
      listen (~> 3.0)
    rest-client (2.0.2)
      http-cookie (>= 1.0.2, < 2.0)
      mime-types (>= 1.16, < 4.0)
      netrc (~> 0.8)
    ruby2_keywords (0.0.5)
    rufo (0.17.1)
    shellany (0.0.1)
    sinatra (3.0.6)
      mustermann (~> 3.0)
      rack (~> 2.2, >= 2.2.4)
      rack-protection (= 3.0.6)
      tilt (~> 2.0)
    test-unit (3.2.9)
      power_assert
    thor (1.3.1)
    tilt (2.3.0)

PLATFORMS
  ruby

DEPENDENCIES
  bundler
  carthage_remote_cache!
  guard (~> 2.14.2)
  guard-test (~> 2.0.8)
  mocha (~> 1.3.0)
  rake (~> 13.0)
  rerun
  rufo
  test-unit (~> 3.2.7)

BUNDLED WITH
   2.4.14
